PATH
  remote: .
  specs:
    luhn_pro (0.0.2)

GEM
  remote: http://rubygems.org/
  specs:

PLATFORMS
  ruby

DEPENDENCIES
  luhn_pro!
