PATH
  remote: .
  specs:
    luhn_pro (0.0.2)

GEM
  remote: https://rubygems.org/
  specs:
    rake (10.4.2)

PLATFORMS
  ruby

DEPENDENCIES
  luhn_pro!
  rake
